NUGET
  remote: http://api.nuget.org/v3/index.json
  specs:
    AutoMapper (3.1.1)
    Castle.Core (3.3.3)
    Castle.Windsor (3.3.0)
      Castle.Core (>= 3.3.0)
    CommonServiceLocator (1.3)
    CommonServiceLocator.WindsorAdapter (1.0.1)
      Castle.Windsor (>= 3.0.0.4001)
      CommonServiceLocator (>= 1.0)
    FluentAssertions (4.0.0)
    Iesi.Collections (3.4.1.4000)
    log4net (2.0.3)
    Moq (4.2.1507.0118)
    NCrunch.Framework (2.16.0.13)
    Newtonsoft.Json (6.0.8)
    NHibernate (3.4.1.4000)
      Iesi.Collections (>= 3.2 < 4.0)
    NServiceBus (4.7.6)
      NServiceBus.Interfaces (>= 4.7.6 < 5.0.0.0)
    NServiceBus.CastleWindsor (4.7.6)
      Castle.Windsor (>= 3.2.1 < 4.0.0)
      NServiceBus (>= 4.7.6 < 5.0.0.0)
    NServiceBus.Host (4.7.6)
      NServiceBus (>= 4.7.6 < 5.0.0.0)
    NServiceBus.Interfaces (4.7.6)
    NServiceBus.NHibernate (4.5.4)
      Iesi.Collections (>= 3.3.3.4000 < 4.0.0.0)
      NHibernate (>= 3.3.3.4001 < 4.0.0.0)
      NServiceBus (>= 4.4.2.0 < 5.0.0.0)
      NServiceBus.Interfaces (>= 4.4.2.0 < 5.0.0.0)
    nspec (1.0.1)
    NUnit (2.6.4)
    Rx-Core (2.2.5)
      Rx-Interfaces (>= 2.2.5)
    Rx-Interfaces (2.2.5)
    Rx-Linq (2.2.5)
      Rx-Core (>= 2.2.5)
      Rx-Interfaces (>= 2.2.5)
    Rx-Main (2.2.5)
      Rx-Core (>= 2.2.5)
      Rx-Interfaces (>= 2.2.5)
      Rx-Linq (>= 2.2.5)
      Rx-PlatformServices (>= 2.2.5)
    Rx-PlatformServices (2.2.5)
      Rx-Core (>= 2.2.5)
      Rx-Interfaces (>= 2.2.5)
